GEM
  remote: https://rubygems.org/
  specs:
    classic_bandit (0.1.0)
    gnuplot (2.6.2)
    matrix (0.4.2)
    zeitwerk (2.7.1)

PLATFORMS
  ruby
  x86_64-linux

DEPENDENCIES
  classic_bandit (~> 0.1.0)
  gnuplot (~> 2.6)
  matrix (~> 0.4.2)
  zeitwerk (~> 2.7)

BUNDLED WITH
   2.6.2
